GEM
  remote: https://rubygems.org/
  specs:
    foreman (0.85.0)
      thor (~> 0.19.1)
    thor (0.19.4)

PLATFORMS
  ruby

DEPENDENCIES
  foreman

RUBY VERSION
   ruby 2.5.1p57

BUNDLED WITH
   1.17.1
